GEM
  remote: https://rubygems.org/
  specs:
    kramdown (2.3.0)
      rexml
    kramdown-parser-gfm (1.1.0)
      kramdown (~> 2.0)
    mini_magick (4.10.1)
    mini_portile2 (2.4.0)
    nokogiri (1.10.10)
      mini_portile2 (~> 2.4.0)
    rexml (3.2.4)

PLATFORMS
  ruby

DEPENDENCIES
  kramdown
  kramdown-parser-gfm
  mini_magick
  nokogiri

BUNDLED WITH
   2.1.4
