GEM
  remote: https://rubygems.org/
  specs:
    kramdown (1.16.2)
    mini_magick (4.10.1)

PLATFORMS
  ruby

DEPENDENCIES
  kramdown
  mini_magick

BUNDLED WITH
   2.1.4
