GEM
  remote: https://rubygems.org/
  specs:
    kramdown (2.3.1)
      rexml
    kramdown-parser-gfm (1.1.0)
      kramdown (~> 2.0)
    mini_magick (4.10.1)
    mini_portile2 (2.8.0)
    nokogiri (1.13.5)
      mini_portile2 (~> 2.8.0)
      racc (~> 1.4)
    racc (1.6.0)
    rexml (3.2.5)

PLATFORMS
  ruby

DEPENDENCIES
  kramdown
  kramdown-parser-gfm
  mini_magick
  nokogiri

BUNDLED WITH
   2.1.4
